GEM
  remote: https://rubygems.org/
  specs:
    ansi (1.5.0)
    builder (3.2.4)
    minitest (5.16.3)
    minitest-focus (1.3.1)
      minitest (>= 4, < 6)
    minitest-reporters (1.5.0)
      ansi
      builder
      minitest (>= 5.0)
      ruby-progressbar
    rake (13.0.6)
    ruby-progressbar (1.11.0)
    ruby_parser (3.19.1)
      sexp_processor (~> 4.16)
    sexp_processor (4.16.1)

PLATFORMS
  arm64-darwin-22
  x86_64-linux

DEPENDENCIES
  minitest
  minitest-focus
  minitest-reporters
  rake
  ruby_parser

BUNDLED WITH
   2.2.33
